GEM
  remote: http://rubygems.org/
  specs:
    fastercsv (1.5.4)
    mime-types (1.16)
    rest-client (1.6.3)
      mime-types (>= 1.16)

PLATFORMS
  ruby

DEPENDENCIES
  fastercsv
  rest-client
